GEM
  remote: https://rubygems.org/
  specs:
    rainbow (3.1.1)
    ruby_wasm (2.6.1)

PLATFORMS
  ruby

DEPENDENCIES
  rainbow (~> 3.1)
  ruby_wasm (~> 2.6)

BUNDLED WITH
   2.5.9
